GEM
  remote: http://rubygems.org/
  specs:
    ZenTest (4.7.0)
    activesupport (3.2.1)
      i18n (~> 0.6)
      multi_json (~> 1.0)
    autotest (4.4.6)
      ZenTest (>= 4.4.1)
    builder (3.0.0)
    diff-lcs (1.1.3)
    fakeweb (1.3.0)
    git (1.2.5)
    happymapper (0.4.0)
      libxml-ruby (~> 2.0)
    i18n (0.6.0)
    jeweler (1.8.3)
      bundler (~> 1.0)
      git (>= 1.2.5)
      rake
      rdoc
    json (1.6.5)
    libxml-ruby (2.2.2)
    mime-types (1.17.2)
    multi_json (1.0.4)
    nokogiri (1.5.0)
    rake (0.9.2.2)
    rdoc (3.12)
      json (~> 1.4)
    rest-client (1.6.7)
      mime-types (>= 1.16)
    rspec (2.8.0)
      rspec-core (~> 2.8.0)
      rspec-expectations (~> 2.8.0)
      rspec-mocks (~> 2.8.0)
    rspec-core (2.8.0)
    rspec-expectations (2.8.0)
      diff-lcs (~> 1.1.2)
    rspec-mocks (2.8.0)
    stale_fish (1.3.2)
      activesupport
      fakeweb

PLATFORMS
  ruby

DEPENDENCIES
  autotest
  builder
  happymapper (>= 0.3.2)
  jeweler
  nokogiri (~> 1.4)
  rake
  rest-client (~> 1.6.0)
  rspec
  stale_fish (~> 1.3.2)
